GEM
  remote: http://rubygems.org/
  specs:
    awesome_print (1.0.2)
    coderay (1.0.7)
    hirb (0.7.0)
    map_by_method (0.8.3)
    method_source (0.8)
    pasteboaRb (0.0.1)
    pry (0.9.10)
      coderay (~> 1.0.5)
      method_source (~> 0.8)
      slop (~> 3.3.1)
    pry-nav (0.2.2)
      pry (~> 0.9.10)
    pry-remote (0.1.6)
      pry (~> 0.9)
      slop (~> 3.0)
    slop (3.3.3)
    what_methods (1.0.1)
    wirble (0.1.3)

PLATFORMS
  ruby

DEPENDENCIES
  awesome_print
  hirb
  map_by_method
  pasteboaRb
  pry
  pry-nav
  pry-remote
  what_methods
  wirble
