GEM
  remote: http://rubygems.org/
  specs:
    awesome_print (1.0.2)
    hirb (0.7.0)
    map_by_method (0.8.3)
    pasteboaRb (0.0.1)
    what_methods (1.0.1)
    wirble (0.1.3)

PLATFORMS
  ruby

DEPENDENCIES
  awesome_print
  hirb
  map_by_method
  pasteboaRb
  what_methods
  wirble
